GEM
  remote: http://rubygems.org/
  specs:
    curses (1.2.4)
    parallel (1.12.1)

PLATFORMS
  ruby

DEPENDENCIES
  curses
  parallel

BUNDLED WITH
   2.2.24
